GEM
  remote: https://rubygems.org/
  specs:
    gosquared (3.0.2)
    i18n (0.7.0)

PLATFORMS
  ruby

DEPENDENCIES
  gosquared
  i18n

RUBY VERSION
   ruby 2.2.2p95

BUNDLED WITH
   1.12.5
