GEM
  remote: https://rubygems.org/
  specs:
    diff-lcs (1.2.5)
    gosquared (3.0.2)
    i18n (0.7.0)
    rspec (3.4.0)
      rspec-core (~> 3.4.0)
      rspec-expectations (~> 3.4.0)
      rspec-mocks (~> 3.4.0)
    rspec-core (3.4.4)
      rspec-support (~> 3.4.0)
    rspec-expectations (3.4.0)
      diff-lcs (>= 1.2.0, < 2.0)
      rspec-support (~> 3.4.0)
    rspec-mocks (3.4.1)
      diff-lcs (>= 1.2.0, < 2.0)
      rspec-support (~> 3.4.0)
    rspec-support (3.4.1)

PLATFORMS
  ruby

DEPENDENCIES
  gosquared
  i18n
  rspec

RUBY VERSION
   ruby 2.2.2p95

BUNDLED WITH
   1.12.5
